GEM
  remote: http://rubygems.org/
  specs:
    activesupport (3.0.7)
    addressable (2.2.5)
    buzzsprout (0.0.3)
      activesupport (>= 2.3.2)
      hashie (>= 0.2.0)
      httparty (>= 0.5.0)
    colored (1.2)
    crack (0.1.8)
    faraday (0.6.1)
      addressable (~> 2.2.4)
      multipart-post (~> 1.1.0)
      rack (< 2, >= 1.1.0)
    faraday_middleware (0.6.3)
      faraday (~> 0.6.0)
    hashie (1.0.0)
    httparty (0.7.7)
      crack (= 0.1.8)
    multi_json (1.0.1)
    multi_xml (0.2.2)
    multipart-post (1.1.0)
    nokogiri (1.4.4)
    octokit (0.6.2)
      addressable (~> 2.2.4)
      faraday (~> 0.6.0)
      faraday_middleware (~> 0.6.0)
      hashie (~> 1.0.0)
      multi_json (~> 1.0.0)
      multi_xml (~> 0.2.0)
    rack (1.2.2)
    thor (0.14.6)

PLATFORMS
  ruby

DEPENDENCIES
  buzzsprout
  colored
  nokogiri
  octokit
  thor
